GEM
  remote: http://rubygems.org/
  specs:
    abstract (1.0.0)
    activesupport (6.1.7.1)
      concurrent-ruby (~> 1.0, >= 1.0.2)
      i18n (>= 1.6, < 2)
      minitest (>= 5.1)
      tzinfo (~> 2.0)
      zeitwerk (~> 2.3)
    builder (2.1.2)
    camping (2.1)
      rack (>= 1.0)
    concurrent-ruby (1.1.10)
    erubis (2.6.6)
      abstract (>= 1.0.0)
    i18n (1.12.0)
      concurrent-ruby (~> 1.0)
    markaby (0.7.1)
      builder (>= 2.0.0)
    minitest (5.17.0)
    rack (1.2.1)
    tilt (1.0.1)
    tzinfo (2.0.5)
      concurrent-ruby (~> 1.0)
    zeitwerk (2.6.6)

PLATFORMS
  ruby

DEPENDENCIES
  activesupport
  camping
  erubis
  markaby
  tilt
