GEM
  remote: http://rubygems.org/
  specs:
    camping (2.1)
      rack (>= 1.0)
    rack (1.2.1)

PLATFORMS
  ruby

DEPENDENCIES
  camping
