GEM
  remote: http://rubygems.org/
  specs:
    abstract (1.0.0)
    activesupport (3.0.0)
    builder (2.1.2)
    camping (2.1)
      rack (>= 1.0)
    erubis (2.6.6)
      abstract (>= 1.0.0)
    markaby (0.7.1)
      builder (>= 2.0.0)
    rack (1.2.1)
    tilt (1.0.1)

PLATFORMS
  ruby

DEPENDENCIES
  activesupport
  camping
  erubis
  markaby
  tilt
